GEM
  remote: http://rubygems.org/
  specs:
    trollop (2.0)

PLATFORMS
  ruby

DEPENDENCIES
  trollop (= 2.0)
